GEM
  remote: https://rubygems.org/
  specs:
    net-ssh (2.9.2)
    parallel (1.6.1)
    ruby-progressbar (1.7.0)
    thor (0.19.1)

PLATFORMS
  ruby

DEPENDENCIES
  net-ssh
  parallel
  ruby-progressbar
  thor
