GEM
  remote: https://rubygems.org/
  specs:
    diff-lcs (1.2.5)
    net-ssh (2.9.2)
    parallel (1.6.1)
    rspec (3.3.0)
      rspec-core (~> 3.3.0)
      rspec-expectations (~> 3.3.0)
      rspec-mocks (~> 3.3.0)
    rspec-core (3.3.2)
      rspec-support (~> 3.3.0)
    rspec-expectations (3.3.1)
      diff-lcs (>= 1.2.0, < 2.0)
      rspec-support (~> 3.3.0)
    rspec-mocks (3.3.2)
      diff-lcs (>= 1.2.0, < 2.0)
      rspec-support (~> 3.3.0)
    rspec-support (3.3.0)
    ruby-progressbar (1.7.0)
    thor (0.19.1)

PLATFORMS
  ruby

DEPENDENCIES
  diff-lcs
  net-ssh (>= 2.9.1)
  parallel
  rspec
  ruby-progressbar
  thor
